GEM
  remote: https://rubygems.org/
  specs:
    airrecord (1.0.5)
      faraday (>= 0.10, < 2.0)
      net-http-persistent (>= 2.9)
    connection_pool (2.2.2)
    faraday (1.0.0)
      multipart-post (>= 1.2, < 3)
    json (2.3.0)
    multipart-post (2.1.1)
    mustermann (2.0.2)
      ruby2_keywords (~> 0.0.1)
    net-http-persistent (3.1.0)
      connection_pool (~> 2.2)
    rack (2.2.4)
    rack-protection (2.2.3)
      rack
    ruby2_keywords (0.0.5)
    sinatra (2.2.3)
      mustermann (~> 2.0)
      rack (~> 2.2)
      rack-protection (= 2.2.3)
      tilt (~> 2.0)
    tilt (2.0.11)

PLATFORMS
  ruby

DEPENDENCIES
  airrecord
  json
  sinatra

BUNDLED WITH
   2.0.2
